GEM
  remote: https://rubygems.org/
  specs:
    alsa-rawmidi (0.3.2)
      ffi (~> 1.0)
    coderay (1.1.3)
    ffi (1.15.4)
    ffi-coremidi (0.4.1)
      ffi (~> 1.9, >= 1.9.6)
    matrix (0.4.2)
    method_source (1.0.0)
    midi-jruby (0.1.6)
    midi-winmm (0.1.10)
      ffi (>= 1.0)
    pry (0.14.1)
      coderay (~> 1.1)
      method_source (~> 1.0)
    ruby2d (0.11.1)
    unimidi (0.4.8)
      alsa-rawmidi (~> 0.3, >= 0.3.1)
      ffi-coremidi (~> 0.3, >= 0.3.5)
      midi-jruby (~> 0.1, >= 0.1.4)
      midi-winmm (~> 0.1, >= 0.1.10)
    zeitwerk (2.5.1)

PLATFORMS
  ruby

DEPENDENCIES
  matrix
  pry
  ruby2d
  unimidi
  zeitwerk

BUNDLED WITH
   2.2.29
